GEM
  remote: https://rubygems.org/
  specs:
    cuba (3.1.0)
      rack
    mote (1.1.2)
    nest (1.1.2)
      redis
    ohm (1.3.2)
      nest (~> 1.0)
      redis
      scrivener (~> 0.0.3)
    rack (1.5.2)
    rack-protection (1.5.0)
      rack
    redis (3.0.4)
    scrivener (0.0.3)

PLATFORMS
  ruby

DEPENDENCIES
  cuba (~> 3.1.0)
  mote (~> 1.1.2)
  nest (~> 1.1.2)
  ohm (~> 1.3.2)
  rack-protection (~> 1.5.0)
  redis (~> 3.0.4)
  scrivener (~> 0.0.3)
